GEM
  remote: https://rubygems.org/
  specs:
    actionmailer (3.2.19)
      actionpack (= 3.2.19)
      mail (~> 2.5.4)
    actionpack (3.2.19)
      activemodel (= 3.2.19)
      activesupport (= 3.2.19)
      builder (~> 3.0.0)
      erubis (~> 2.7.0)
      journey (~> 1.0.4)
      rack (~> 1.4.5)
      rack-cache (~> 1.2)
      rack-test (~> 0.6.1)
      sprockets (~> 2.2.1)
    activemodel (3.2.19)
      activesupport (= 3.2.19)
      builder (~> 3.0.0)
    activerecord (3.2.19)
      activemodel (= 3.2.19)
      activesupport (= 3.2.19)
      arel (~> 3.0.2)
      tzinfo (~> 0.3.29)
    activeresource (3.2.19)
      activemodel (= 3.2.19)
      activesupport (= 3.2.19)
    activesupport (3.2.19)
      i18n (~> 0.6, >= 0.6.4)
      multi_json (~> 1.0)
    addressable (2.3.2)
    arel (3.0.3)
    bcrypt-ruby (3.0.1)
    builder (3.0.4)
    capybara (2.0.2)
      mime-types (>= 1.16)
      nokogiri (>= 1.3.3)
      rack (>= 1.0.0)
      rack-test (>= 0.5.4)
      selenium-webdriver (~> 2.0)
      xpath (~> 1.0.0)
    childprocess (0.3.6)
      ffi (~> 1.0, >= 1.0.6)
    coderay (1.0.9)
    coffee-script (2.2.0)
      coffee-script-source
      execjs
    coffee-script-source (1.4.0)
    css_parser (1.2.6)
      addressable
      rdoc
    cucumber (1.2.1)
      builder (>= 2.1.2)
      diff-lcs (>= 1.1.3)
      gherkin (~> 2.11.0)
      json (>= 1.4.6)
    cucumber-rails (1.3.0)
      capybara (>= 1.1.2)
      cucumber (>= 1.1.8)
      nokogiri (>= 1.5.0)
    dalli (2.6.0)
    database_cleaner (0.9.1)
    deadweight (0.2.2)
      css_parser (~> 1.2.6)
      nokogiri
    delayed_job (3.0.4)
      activesupport (~> 3.0)
    devise (1.5.3)
      bcrypt-ruby (~> 3.0)
      orm_adapter (~> 0.0.3)
      warden (~> 1.1)
    diff-lcs (1.1.3)
    erubis (2.7.0)
    excon (0.16.10)
    execjs (1.4.0)
      multi_json (~> 1.0)
    factory_girl (4.1.0)
      activesupport (>= 3.0.0)
    factory_girl_rails (4.1.0)
      factory_girl (~> 4.1.0)
      railties (>= 3.0.0)
    faker (1.1.2)
      i18n (~> 0.5)
    fakeweb (1.3.0)
    ffi (1.3.1)
    gherkin (2.11.5)
      json (>= 1.4.6)
    haml (3.1.7)
    has_scope (0.5.1)
    heroku (2.33.5)
      heroku-api (~> 0.3.7)
      launchy (>= 0.3.2)
      netrc (~> 0.7.7)
      rest-client (~> 1.6.1)
      rubyzip
    heroku-api (0.3.7)
      excon (~> 0.16.10)
    heroku_san (4.0.7)
      heroku-api (>= 0.1.2)
      rake
    hike (1.2.3)
    hpricot (0.8.6)
    i18n (0.6.11)
    inherited_resources (1.3.1)
      has_scope (~> 0.5.0)
      responders (~> 0.6)
    instrumental_agent (0.12.1)
    journey (1.0.4)
    jquery-rails (2.1.4)
      railties (>= 3.0, < 5.0)
      thor (>= 0.14, < 2.0)
    json (1.8.3)
    json_pure (1.7.6)
    kgio (2.10.0)
    launchy (2.1.2)
      addressable (~> 2.3)
    libwebsocket (0.1.7.1)
      addressable
      websocket
    macaddr (1.6.1)
      systemu (~> 2.5.0)
    mail (2.5.4)
      mime-types (~> 1.16)
      treetop (~> 1.4.8)
    maruku (0.6.1)
      syntax (>= 1.0.0)
    memcachier (0.0.2)
    method_source (0.8.2)
    mime-types (1.25.1)
    multi_json (1.10.1)
    netrc (0.7.7)
    newrelic_rpm (3.5.5.38)
    nokogiri (1.5.6)
    orm_adapter (0.0.7)
    pg (0.14.1)
    polyglot (0.3.5)
    pry (0.9.12.2)
      coderay (~> 1.0.5)
      method_source (~> 0.8)
      slop (~> 3.4)
    pry-rails (0.3.2)
      pry (>= 0.9.10)
    rack (1.4.5)
    rack-cache (1.2)
      rack (>= 0.4)
    rack-ssl (1.3.4)
      rack
    rack-test (0.6.2)
      rack (>= 1.0)
    rails (3.2.19)
      actionmailer (= 3.2.19)
      actionpack (= 3.2.19)
      activerecord (= 3.2.19)
      activeresource (= 3.2.19)
      activesupport (= 3.2.19)
      bundler (~> 1.0)
      railties (= 3.2.19)
    rails3-generators (1.0.0)
      railties (>= 3.0.0)
    railties (3.2.19)
      actionpack (= 3.2.19)
      activesupport (= 3.2.19)
      rack-ssl (~> 1.3.2)
      rake (>= 0.8.7)
      rdoc (~> 3.4)
      thor (>= 0.14.6, < 2.0)
    raindrops (0.17.0)
    rake (10.3.2)
    rdoc (3.12.2)
      json (~> 1.4)
    redcarpet (2.2.2)
    responders (0.9.3)
      railties (~> 3.1)
    rest-client (1.6.7)
      mime-types (>= 1.16)
    rspec-core (2.12.2)
    rspec-expectations (2.12.1)
      diff-lcs (~> 1.1.3)
    rspec-mocks (2.12.1)
    rspec-rails (2.12.1)
      actionpack (>= 3.0)
      activesupport (>= 3.0)
      railties (>= 3.0)
      rspec-core (~> 2.12.0)
      rspec-expectations (~> 2.12.0)
      rspec-mocks (~> 2.12.0)
    rubyzip (0.9.9)
    sass (3.2.5)
    selenium-webdriver (2.27.2)
      childprocess (>= 0.2.5)
      libwebsocket (~> 0.1.3)
      multi_json (~> 1.0)
      rubyzip
    sequel (3.20.0)
    simple_form (2.0.4)
      actionpack (~> 3.0)
      activemodel (~> 3.0)
    sinatra (1.0)
      rack (>= 1.0)
    slop (3.4.6)
    slugged (1.1.0)
      activerecord (~> 3.0)
      activesupport (~> 3.0)
      uuid
    spork (0.9.2)
    sprockets (2.2.2)
      hike (~> 1.2)
      multi_json (~> 1.0)
      rack (~> 1.0)
      tilt (~> 1.1, != 1.3.0)
    stringex (1.5.1)
    syntax (1.0.0)
    systemu (2.5.2)
    taps (0.3.24)
      rack (>= 1.0.1)
      rest-client (>= 1.4.0, < 1.7.0)
      sequel (~> 3.20.0)
      sinatra (~> 1.0.0)
    thor (0.19.1)
    tilt (1.4.1)
    treetop (1.4.15)
      polyglot
      polyglot (>= 0.3.1)
    tzinfo (0.3.40)
    uglifier (1.3.0)
      execjs (>= 0.3.0)
      multi_json (~> 1.0, >= 1.0.2)
    unicorn (5.1.0)
      kgio (~> 2.6)
      raindrops (~> 0.7)
    uuid (2.3.6)
      macaddr (~> 1.0)
    warden (1.2.1)
      rack (>= 1.0)
    websocket (1.0.6)
    will_paginate (3.0.3)
    xpath (1.0.0)
      nokogiri (~> 1.3)

PLATFORMS
  ruby

DEPENDENCIES
  capybara
  coffee-script
  cucumber
  cucumber-rails
  dalli
  database_cleaner
  deadweight
  delayed_job
  devise (~> 1.1)
  factory_girl_rails
  faker
  fakeweb
  gherkin
  haml
  heroku
  heroku_san
  hpricot
  inherited_resources
  instrumental_agent
  jquery-rails
  json_pure
  launchy
  maruku
  memcachier
  newrelic_rpm
  pg
  pry-rails
  rails (= 3.2.19)
  rails3-generators
  redcarpet
  rspec-rails
  sass
  simple_form
  slugged
  spork
  stringex
  taps
  uglifier
  unicorn
  will_paginate (~> 3.0)

BUNDLED WITH
   1.13.3
